GEM
  remote: https://rubygems.org/
  specs:
    atomic (1.1.14)
    buftok (0.1)
    faraday (0.8.8)
      multipart-post (~> 1.2.0)
    hashie (2.0.5)
    http (0.5.0)
      http_parser.rb
    http_parser.rb (0.5.3)
    json (1.8.1)
    mime-types (2.0)
    multi_json (1.8.2)
    multipart-post (1.2.0)
    oauth (0.4.7)
    omniauth (1.1.4)
      hashie (>= 1.2, < 3)
      rack
    omniauth-oauth (1.0.1)
      oauth
      omniauth (~> 1.0)
    omniauth-twitter (1.0.1)
      multi_json (~> 1.3)
      omniauth-oauth (~> 1.0)
    rack (1.5.2)
    rufus-scheduler (3.0.2)
      tzinfo
    simple_oauth (0.2.0)
    thread_safe (0.1.3)
      atomic
    twitter (5.0.0.rc.1)
      buftok (~> 0.1.0)
      faraday (>= 0.8, < 0.10)
      http (>= 0.5.0.pre2, < 0.6)
      http_parser.rb (~> 0.5.0)
      json (~> 1.8)
      simple_oauth (~> 0.2.0)
    typhoeus (0.3.3)
      mime-types
    tzinfo (1.1.0)
      thread_safe (~> 0.1)

PLATFORMS
  ruby

DEPENDENCIES
  oauth
  omniauth-twitter
  rufus-scheduler
  twitter (= 5.0.0.rc.1)
  typhoeus (~> 0.3.3)
